GEM
  remote: https://rubygems.org/
  specs:
    coderay (1.1.3)
    logger (1.7.0)
    method_source (1.1.0)
    nio4r (2.7.4)
    pry (0.15.2)
      coderay (~> 1.1)
      method_source (~> 1.0)
    puma (6.6.1)
      nio4r (~> 2.0)
    rack (3.2.3)
    rack-cors (3.0.0)
      logger
      rack (>= 3.0.14)
    rackup (2.2.1)
      rack (>= 3)

PLATFORMS
  ruby

DEPENDENCIES
  pry
  puma
  rack
  rack-cors
  rackup

BUNDLED WITH
   2.7.2
